GIT
  remote: git://github.com/szinya/compass-h5bp.git
  revision: 4ac8a5f88f6c0d0b7cd28203165cf3b5ee38c055
  tag: v0.1.3
  specs:
    compass-h5bp (0.1.3)
      compass

GIT
  remote: git://github.com/szinya/compass-twitter-bootstrap.git
  revision: 025d4325cc65c29984b94b51f4ecd0b957f0d668
  tag: v2.3.2
  specs:
    compass_twitter_bootstrap (2.3.2)
      compass

GEM
  remote: http://rubygems.org/
  specs:
    celluloid (0.16.0)
      timers (~> 4.0.0)
    celluloid-io (0.16.2)
      celluloid (>= 0.16.0)
      nio4r (>= 1.1.0)
    chunky_png (1.3.7)
    coderay (1.1.1)
    compass (1.0.1)
      chunky_png (~> 1.2)
      compass-core (~> 1.0.1)
      compass-import-once (~> 1.0.5)
      rb-fsevent (>= 0.9.3)
      rb-inotify (>= 0.9)
      sass (>= 3.3.13, < 3.5)
    compass-960-plugin (0.10.4)
      compass (>= 0.10.0)
    compass-core (1.0.3)
      multi_json (~> 1.0)
      sass (>= 3.3.0, < 3.5)
    compass-import-once (1.0.5)
      sass (>= 3.2, < 3.5)
    ffi (1.9.14)
    ffi (1.9.14-x86-mingw32)
    font-stacks (0.1.4)
      compass (>= 0.11.5)
    formatador (0.2.5)
    guard (2.14.0)
      formatador (>= 0.2.4)
      listen (>= 2.7, < 4.0)
      lumberjack (~> 1.0)
      nenv (~> 0.1)
      notiffany (~> 0.0)
      pry (>= 0.9.12)
      shellany (~> 0.0)
      thor (>= 0.18.1)
    guard-compat (1.2.1)
    guard-yield (0.1.0)
      guard-compat (~> 1.0)
    hitimes (1.2.4)
    hitimes (1.2.4-x86-mingw32)
    listen (2.10.1)
      celluloid (~> 0.16.0)
      rb-fsevent (>= 0.9.3)
      rb-inotify (>= 0.9)
    lumberjack (1.0.10)
    method_source (0.8.2)
    multi_json (1.12.1)
    nenv (0.3.0)
    nio4r (1.2.1)
    notiffany (0.1.1)
      nenv (~> 0.1)
      shellany (~> 0.0)
    pry (0.10.4)
      coderay (~> 1.1.0)
      method_source (~> 0.8.1)
      slop (~> 3.4)
    rb-fsevent (0.9.7)
    rb-inotify (0.9.7)
      ffi (>= 0.5.0)
    sass (3.4.22)
    shellany (0.0.1)
    slop (3.6.0)
    susy (1.0.5)
      compass (>= 0.12.2)
      sass (>= 3.2.0)
    thor (0.19.1)
    timers (4.0.4)
      hitimes

PLATFORMS
  ruby
  x86-mingw32

DEPENDENCIES
  celluloid-io
  compass (= 1.0.1)
  compass-960-plugin (= 0.10.4)
  compass-h5bp!
  compass_twitter_bootstrap!
  font-stacks (= 0.1.4)
  guard
  guard-yield
  listen (= 2.10.1)
  susy (= 1.0.5)

BUNDLED WITH
   1.13.2
