GIT
  remote: git://github.com/szinya/compass-h5bp.git
  revision: 4ac8a5f88f6c0d0b7cd28203165cf3b5ee38c055
  tag: v0.1.3
  specs:
    compass-h5bp (0.1.3)
      compass

GIT
  remote: git://github.com/szinya/compass-twitter-bootstrap.git
  revision: 025d4325cc65c29984b94b51f4ecd0b957f0d668
  tag: v2.3.2
  specs:
    compass_twitter_bootstrap (2.3.2)
      compass

GEM
  remote: http://rubygems.org/
  specs:
    chunky_png (1.2.9)
    compass (0.12.2)
      chunky_png (~> 1.2)
      fssm (>= 0.2.7)
      sass (~> 3.1)
    compass-960-plugin (0.10.4)
      compass (>= 0.10.0)
    font-stacks (0.1.4)
      compass (>= 0.11.5)
    fssm (0.2.10)
    oily_png (1.0.3)
      chunky_png (~> 1.2.1)
    sass (3.2.16)
    susy (1.0.5)
      compass (>= 0.12.2)
      sass (>= 3.2.0)

PLATFORMS
  ruby
  x86-mingw32

DEPENDENCIES
  compass (= 0.12.2)
  compass-960-plugin (= 0.10.4)
  compass-h5bp!
  compass_twitter_bootstrap!
  font-stacks (= 0.1.4)
  oily_png (= 1.0.3)
  susy (= 1.0.5)
